GEM
  remote: https://rubygems.org/
  specs:
    CFPropertyList (2.2.8)
    addressable (2.4.0)
    ast (2.2.0)
    aws-sdk (1.66.0)
      aws-sdk-v1 (= 1.66.0)
    aws-sdk-v1 (1.66.0)
      json (~> 1.4)
      nokogiri (>= 1.4.4)
    beaker (2.43.0)
      aws-sdk (~> 1.57)
      beaker-answers (~> 0.0)
      beaker-hiera (~> 0.0)
      beaker-pe (~> 0.0)
      docker-api
      fission (~> 0.4)
      fog (~> 1.25, < 1.35.0)
      fog-google (~> 0.0.9)
      google-api-client (~> 0.8, < 0.9.5)
      hocon (~> 0.1)
      inifile (~> 2.0)
      json (~> 1.8)
      mime-types (~> 2.99)
      minitest (~> 5.4)
      net-scp (~> 1.2)
      net-ssh (~> 2.9)
      open_uri_redirections (~> 0.2.1)
      rbvmomi (~> 1.8)
      rsync (~> 1.0.9)
      stringify-hash (~> 0.0)
      unf (~> 0.1)
    beaker-answers (0.5.0)
      hocon (~> 0.9.5)
      require_all (~> 1.3.2)
      stringify-hash (~> 0.0.0)
    beaker-hiera (0.1.1)
      stringify-hash (~> 0.0.0)
    beaker-pe (0.4.0)
      stringify-hash (~> 0.0.0)
    beaker-puppet_install_helper (0.4.4)
      beaker (~> 2.0)
    beaker-rspec (5.3.0)
      beaker (~> 2.0)
      rspec
      serverspec (~> 2)
      specinfra (~> 2)
    builder (3.2.2)
    codeclimate-test-reporter (0.5.0)
      simplecov (>= 0.7.1, < 1.0.0)
    crack (0.4.3)
      safe_yaml (~> 1.0.0)
    diff-lcs (1.2.5)
    docile (1.1.5)
    docker-api (1.28.0)
      excon (>= 0.38.0)
      json
    excon (0.49.0)
    facter (2.4.6)
      CFPropertyList (~> 2.2.6)
    faraday (0.9.2)
      multipart-post (>= 1.2, < 3)
    fission (0.5.0)
      CFPropertyList (~> 2.2)
    fog (1.34.0)
      fog-atmos
      fog-aws (>= 0.6.0)
      fog-brightbox (~> 0.4)
      fog-core (~> 1.32)
      fog-dynect (~> 0.0.2)
      fog-ecloud (~> 0.1)
      fog-google (>= 0.0.2)
      fog-json
      fog-local
      fog-powerdns (>= 0.1.1)
      fog-profitbricks
      fog-radosgw (>= 0.0.2)
      fog-riakcs
      fog-sakuracloud (>= 0.0.4)
      fog-serverlove
      fog-softlayer
      fog-storm_on_demand
      fog-terremark
      fog-vmfusion
      fog-voxel
      fog-xml (~> 0.1.1)
      ipaddress (~> 0.5)
      nokogiri (~> 1.5, >= 1.5.11)
    fog-atmos (0.1.0)
      fog-core
      fog-xml
    fog-aws (0.9.2)
      fog-core (~> 1.27)
      fog-json (~> 1.0)
      fog-xml (~> 0.1)
      ipaddress (~> 0.8)
    fog-brightbox (0.10.1)
      fog-core (~> 1.22)
      fog-json
      inflecto (~> 0.0.2)
    fog-core (1.40.0)
      builder
      excon (~> 0.49)
      formatador (~> 0.2)
    fog-dynect (0.0.3)
      fog-core
      fog-json
      fog-xml
    fog-ecloud (0.3.0)
      fog-core
      fog-xml
    fog-google (0.0.9)
      fog-core
      fog-json
      fog-xml
    fog-json (1.0.2)
      fog-core (~> 1.0)
      multi_json (~> 1.10)
    fog-local (0.3.0)
      fog-core (~> 1.27)
    fog-powerdns (0.1.1)
      fog-core (~> 1.27)
      fog-json (~> 1.0)
      fog-xml (~> 0.1)
    fog-profitbricks (0.0.5)
      fog-core
      fog-xml
      nokogiri
    fog-radosgw (0.0.5)
      fog-core (>= 1.21.0)
      fog-json
      fog-xml (>= 0.0.1)
    fog-riakcs (0.1.0)
      fog-core
      fog-json
      fog-xml
    fog-sakuracloud (1.7.5)
      fog-core
      fog-json
    fog-serverlove (0.1.2)
      fog-core
      fog-json
    fog-softlayer (1.1.1)
      fog-core
      fog-json
    fog-storm_on_demand (0.1.1)
      fog-core
      fog-json
    fog-terremark (0.1.0)
      fog-core
      fog-xml
    fog-vmfusion (0.1.0)
      fission
      fog-core
    fog-voxel (0.1.0)
      fog-core
      fog-xml
    fog-xml (0.1.2)
      fog-core
      nokogiri (~> 1.5, >= 1.5.11)
    formatador (0.2.5)
    google-api-client (0.9.4)
      addressable (~> 2.3)
      googleauth (~> 0.5)
      httpclient (~> 2.7)
      hurley (~> 0.1)
      memoist (~> 0.11)
      mime-types (>= 1.6)
      representable (~> 2.3.0)
      retriable (~> 2.0)
      thor (~> 0.19)
    googleauth (0.5.1)
      faraday (~> 0.9)
      jwt (~> 1.4)
      logging (~> 2.0)
      memoist (~> 0.12)
      multi_json (~> 1.11)
      os (~> 0.9)
      signet (~> 0.7)
    hashdiff (0.3.0)
    hiera (3.2.0)
      json_pure
    hocon (0.9.5)
    httpclient (2.8.0)
    hurley (0.2)
    inflecto (0.0.2)
    inifile (2.0.2)
    ipaddress (0.8.3)
    json (1.8.3)
    json_pure (1.8.3)
    jwt (1.5.4)
    little-plugger (1.1.4)
    logging (2.1.0)
      little-plugger (~> 1.1)
      multi_json (~> 1.10)
    memoist (0.14.0)
    metaclass (0.0.4)
    metadata-json-lint (0.0.11)
      json
      spdx-licenses (~> 1.0)
    mime-types (2.99.2)
    mini_portile2 (2.0.0)
    minitest (5.9.0)
    mocha (1.1.0)
      metaclass (~> 0.0.1)
    multi_json (1.12.1)
    multipart-post (2.0.0)
    net-scp (1.2.1)
      net-ssh (>= 2.6.5)
    net-ssh (2.9.4)
    net-telnet (0.1.1)
    nokogiri (1.6.7.2)
      mini_portile2 (~> 2.0.0.rc2)
    open_uri_redirections (0.2.1)
    os (0.9.6)
    parser (2.3.1.2)
      ast (~> 2.2)
    powerpack (0.1.1)
    puppet (4.5.1)
      CFPropertyList (~> 2.2.6)
      facter (> 2.0, < 4)
      hiera (>= 2.0, < 4)
      json_pure
    puppet-lint (1.1.0)
    puppet-syntax (2.1.0)
      rake
    puppetlabs_spec_helper (1.1.1)
      mocha
      puppet-lint
      puppet-syntax
      rake
      rspec-puppet
    rainbow (2.1.0)
    rake (11.1.2)
    rbvmomi (1.8.2)
      builder
      nokogiri (>= 1.4.1)
      trollop
    representable (2.3.0)
      uber (~> 0.0.7)
    require_all (1.3.3)
    retriable (2.1.0)
    rspec (3.4.0)
      rspec-core (~> 3.4.0)
      rspec-expectations (~> 3.4.0)
      rspec-mocks (~> 3.4.0)
    rspec-core (3.4.4)
      rspec-support (~> 3.4.0)
    rspec-expectations (3.4.0)
      diff-lcs (>= 1.2.0, < 2.0)
      rspec-support (~> 3.4.0)
    rspec-its (1.2.0)
      rspec-core (>= 3.0.0)
      rspec-expectations (>= 3.0.0)
    rspec-mocks (3.4.1)
      diff-lcs (>= 1.2.0, < 2.0)
      rspec-support (~> 3.4.0)
    rspec-puppet (2.4.0)
      rspec
    rspec-support (3.4.1)
    rsync (1.0.9)
    rubocop (0.40.0)
      parser (>= 2.3.1.0, < 3.0)
      powerpack (~> 0.1)
      rainbow (>= 1.99.1, < 3.0)
      ruby-progressbar (~> 1.7)
      unicode-display_width (~> 1.0, >= 1.0.1)
    ruby-progressbar (1.8.1)
    safe_yaml (1.0.4)
    serverspec (2.36.0)
      multi_json
      rspec (~> 3.0)
      rspec-its
      specinfra (~> 2.53)
    sfl (2.2)
    signet (0.7.2)
      addressable (~> 2.3)
      faraday (~> 0.9)
      jwt (~> 1.5)
      multi_json (~> 1.10)
    simplecov (0.11.2)
      docile (~> 1.1.0)
      json (~> 1.8)
      simplecov-html (~> 0.10.0)
    simplecov-html (0.10.0)
    spdx-licenses (1.1.0)
    specinfra (2.57.5)
      net-scp
      net-ssh (>= 2.7, < 4.0)
      net-telnet
      sfl
    stringify-hash (0.0.2)
    thor (0.19.1)
    trollop (2.1.2)
    uber (0.0.15)
    unf (0.1.4)
      unf_ext
    unf_ext (0.0.7.2)
    unicode-display_width (1.0.5)
    webmock (2.0.3)
      addressable (>= 2.3.6)
      crack (>= 0.3.2)
      hashdiff

PLATFORMS
  ruby

DEPENDENCIES
  beaker (~> 2.31)
  beaker-puppet_install_helper (>= 0.2.1)
  beaker-rspec
  codeclimate-test-reporter
  facter
  metadata-json-lint
  puppet
  puppet-lint
  puppetlabs_spec_helper
  rake
  rspec (~> 3.4)
  rspec-puppet
  rubocop
  serverspec
  webmock
